PATH
  remote: .
  specs:
    pact_example (0.1.0)

GEM
  remote: https://rubygems.org/
  specs:
    awesome_print (1.7.0)
    diff-lcs (1.3)
    find_a_port (1.0.1)
    httparty (0.14.0)
      multi_xml (>= 0.5.2)
    json (2.0.4)
    multi_xml (0.6.0)
    pact (1.10.0)
      json
      pact-mock_service (~> 0.11)
      pact-support (~> 0.6)
      rack-test (~> 0.6.2)
      randexp (~> 0.1.7)
      rspec (>= 2.14)
      term-ansicolor (~> 1.0)
      thor
      webrick
    pact-mock_service (0.12.1)
      find_a_port (~> 1.0.1)
      json
      pact-support (~> 0.5)
      rack
      rack-test (~> 0.6.2)
      rspec (>= 2.14)
      term-ansicolor (~> 1.0)
      thor
      webrick
    pact-support (0.6.1)
      awesome_print (~> 1.1)
      find_a_port (~> 1.0.1)
      json
      rack-test (~> 0.6.2)
      randexp (~> 0.1.7)
      rspec (>= 2.14)
      term-ansicolor (~> 1.0)
      thor
    rack (2.0.1)
    rack-test (0.6.3)
      rack (>= 1.0)
    rake (10.5.0)
    randexp (0.1.7)
    rspec (3.5.0)
      rspec-core (~> 3.5.0)
      rspec-expectations (~> 3.5.0)
      rspec-mocks (~> 3.5.0)
    rspec-core (3.5.4)
      rspec-support (~> 3.5.0)
    rspec-expectations (3.5.0)
      diff-lcs (>= 1.2.0, < 2.0)
      rspec-support (~> 3.5.0)
    rspec-mocks (3.5.0)
      diff-lcs (>= 1.2.0, < 2.0)
      rspec-support (~> 3.5.0)
    rspec-support (3.5.0)
    term-ansicolor (1.5.0)
      tins (~> 1.0)
    thor (0.19.4)
    tins (1.13.2)
    webrick (1.3.1)

PLATFORMS
  ruby

DEPENDENCIES
  bundler (~> 1.14)
  httparty (~> 0.14)
  pact (~> 1.10)
  pact_example!
  rake (~> 10.0)
  rspec (~> 3.0)

BUNDLED WITH
   1.14.6
